GEM
  remote: https://rubygems.org/
  specs:
    e2mmap (0.1.0)
    fileutils (1.7.2)
    mini_magick (4.12.0)
    mini_portile2 (2.8.5)
    multi_json (1.15.0)
    nokogiri (1.16.4)
      mini_portile2 (~> 2.8.2)
      racc (~> 1.4)
    nokogiri (1.16.4-arm64-darwin)
      racc (~> 1.4)
    pathname (0.3.0)
    racc (1.7.3)
    ruby-progressbar (1.13.0)
    streamio-ffmpeg (3.0.2)
      multi_json (~> 1.8)
    taglib-ruby (1.1.3)
    thwait (0.2.0)
      e2mmap

PLATFORMS
  arm64-darwin-23
  ruby

DEPENDENCIES
  fileutils
  mini_magick
  nokogiri
  pathname
  ruby-progressbar
  streamio-ffmpeg
  taglib-ruby
  thwait

BUNDLED WITH
   2.5.8
